GEM
  remote: https://rubygems.org/
  specs:
    faraday (0.15.4)
      multipart-post (>= 1.2, < 3)
    jwt (2.1.0)
    multipart-post (2.0.0)
    mustermann (1.0.3)
    rack (2.0.6)
    rack-protection (2.0.5)
      rack
    shotgun (0.9.2)
      rack (>= 1.0)
    sinatra (2.0.5)
      mustermann (~> 1.0)
      rack (~> 2.0)
      rack-protection (= 2.0.5)
      tilt (~> 2.0)
    stream-ruby (3.1.0)
      faraday (>= 0.10.0, < 1.0)
      jwt (~> 2.1, >= 2.1.0)
    tilt (2.0.9)

PLATFORMS
  ruby

DEPENDENCIES
  shotgun
  sinatra
  stream-ruby

BUNDLED WITH
   1.16.6
