GEM
  remote: https://rubygems.org/
  specs:
    backports (3.12.0)
    faraday (0.15.4)
      multipart-post (>= 1.2, < 3)
    json (2.2.0)
    jwt (2.1.0)
    multi_json (1.13.1)
    multipart-post (2.0.0)
    mustermann (1.0.3)
    rack (2.0.6)
    rack-protection (2.0.5)
      rack
    shotgun (0.9.2)
      rack (>= 1.0)
    sinatra (2.0.5)
      mustermann (~> 1.0)
      rack (~> 2.0)
      rack-protection (= 2.0.5)
      tilt (~> 2.0)
    sinatra-contrib (2.0.5)
      backports (>= 2.8.2)
      multi_json
      mustermann (~> 1.0)
      rack-protection (= 2.0.5)
      sinatra (= 2.0.5)
      tilt (>= 1.3, < 3)
    stream-ruby (3.1.0)
      faraday (>= 0.10.0, < 1.0)
      jwt (~> 2.1, >= 2.1.0)
    tilt (2.0.9)

PLATFORMS
  ruby

DEPENDENCIES
  json
  shotgun
  sinatra
  sinatra-contrib
  stream-ruby

BUNDLED WITH
   1.16.6
